RESTRICTION: == net452
NUGET
  remote: https://api.nuget.org/v3/index.json
    FAKE.Lib (4.61.3)
    FSharp.Core (4.2.1)

GROUP Build
CONTENT: TRUE
NUGET
  remote: https://api.nuget.org/v3/index.json
    FAKE (4.61.3)
    Microsoft.Bcl (1.1.10) - content: true, restriction: && (< net45) (< win8) (< portable-win81+wpa81)
      Microsoft.Bcl.Build (>= 1.0.14)
    Microsoft.Bcl.Build (1.0.21) - import_targets: false, content: true, restriction: && (< net45) (< win8) (< portable-win81+wpa81)
    Microsoft.Net.Http (2.2.29) - content: true, restriction: && (< net45) (< win8) (< portable-win81+wpa81)
      Microsoft.Bcl (>= 1.1.10)
      Microsoft.Bcl.Build (>= 1.0.14)
    Octokit (0.24) - content: true
      Microsoft.Net.Http  - restriction: && (< net45) (< win8) (< portable-win81+wpa81)
GITHUB
  remote: fsharp/FAKE
    modules/Octokit/Octokit.fsx (15e1b741f4ae9fbaad640a65231dfcec28ce6ddd)
      Octokit (>= 0.20)