FRAMEWORK: NET452
NUGET
  remote: https://api.nuget.org/v3/index.json
    FAKE.Lib (4.60)
    FSharp.Core (4.1.12)
      System.ValueTuple (>= 4.3)
    System.ValueTuple (4.3)

GROUP Build
NUGET
  remote: https://www.nuget.org/api/v2
    FAKE (4.61.1)
